GEM
  remote: https://rubygems.org/
  specs:
    coderay (1.1.3)
    concurrent-ruby (1.1.10)
    dry-container (0.11.0)
      concurrent-ruby (~> 1.0)
    method_source (1.0.0)
    pry (0.14.1)
      coderay (~> 1.1)
      method_source (~> 1.0)

PLATFORMS
  ruby

DEPENDENCIES
  dry-container (~> 0.11.0)
  pry (~> 0.14.1)

BUNDLED WITH
   2.1.4
